GEM
  remote: https://rubygems.org/
  specs:
    coderay (1.1.3)
    dotenv (2.7.6)
    method_source (1.0.0)
    minitest (5.14.3)
    minitest-hooks (1.5.0)
      minitest (> 5.3)
    nio4r (2.5.5)
    pg (1.2.3)
    pry (0.14.0)
      coderay (~> 1.1)
      method_source (~> 1.0)
    puma (5.2.1)
      nio4r (~> 2.0)
    rack (2.2.3)
    rake (13.0.6)
    roda (3.41.0)
      rack
    sequel (5.41.0)
    shotgun (0.9.2)
      rack (>= 1.0)
    slim (4.1.0)
      temple (>= 0.7.6, < 0.9)
      tilt (>= 2.0.6, < 2.1)
    temple (0.8.2)
    tilt (2.0.10)
    warning (1.2.0)

PLATFORMS
  ruby

DEPENDENCIES
  dotenv
  minitest
  minitest-hooks
  pg
  pry
  puma
  rake
  roda
  sequel
  shotgun
  slim
  warning

BUNDLED WITH
   2.1.4
